GIT
  remote: git://github.com/clearsightstudio/ProMotion-iap.git
  revision: 99c2a7259aa99fa77a0a3addd015721365881938
  branch: bugfix/issue-7
  specs:
    ProMotion-iap (0.2.1.beta1)

GEM
  remote: https://rubygems.org/
  specs:
    rake (10.4.2)

PLATFORMS
  ruby

DEPENDENCIES
  ProMotion-iap!
  rake
